GEM
  remote: https://rubygems.org/
  specs:
    chunky_png (1.2.8)
    closure-compiler (1.1.10)
    colorize (0.5.8)
    compass (0.12.2)
      chunky_png (~> 1.2)
      fssm (>= 0.2.7)
      sass (~> 3.1)
    fssm (0.2.10)
    rake (10.1.0)
    sass (3.2.9)

PLATFORMS
  ruby

DEPENDENCIES
  closure-compiler
  colorize
  compass
  rake
